GEM
  remote: https://rubygems.org/
  specs:
    gosu (0.7.50)
    mini_portile (0.5.3)
    multi_json (1.9.2)
    nokogiri (1.6.1)
      mini_portile (~> 0.5.0)
    tmx (0.1.4)
      multi_json (~> 1.0)
      nokogiri (~> 1.5)

PLATFORMS
  ruby

DEPENDENCIES
  gosu (= 0.7.50)
  tmx (= 0.1.4)
